GEM
  remote: http://rubygems.org/
  specs:
    activemodel (3.0.5)
      activesupport (= 3.0.5)
      builder (~> 2.1.2)
      i18n (~> 0.4)
    activerecord (3.0.5)
      activemodel (= 3.0.5)
      activesupport (= 3.0.5)
      arel (~> 2.0.2)
      tzinfo (~> 0.3.23)
    activesupport (3.0.5)
    arel (2.0.10)
    builder (2.1.2)
    capybara (0.3.9)
      culerity (>= 0.2.4)
      mime-types (>= 1.16)
      nokogiri (>= 1.3.3)
      rack (>= 1.0.0)
      rack-test (>= 0.5.4)
      selenium-webdriver (>= 0.0.3)
    childprocess (0.2.0)
      ffi (~> 1.0.6)
    composite_primary_keys (3.1.10)
      activerecord (~> 3.0.0, >= 3.0.5)
    culerity (0.2.15)
    diff-lcs (1.1.2)
    email_spec (1.2.1)
      mail (~> 2.2)
      rspec (~> 2.0)
    eol_scenarios (0.3.4)
    escape (0.0.4)
    ezcrypto (0.7.2)
    factory_girl (2.0.1)
    faker (0.9.5)
      i18n (~> 0.4)
    fastercsv (1.5.4)
    ffi (1.0.9)
    haml (3.1.1)
    i18n (0.6.0)
    invert (0.1.0)
    json_pure (1.5.3)
    macaddr (1.0.0)
    mail (2.3.0)
      i18n (>= 0.4.0)
      mime-types (~> 1.16)
      treetop (~> 1.4.8)
    mime-types (1.16)
    nokogiri (1.5.0)
    polyglot (0.3.1)
    rack (1.3.1)
    rack-test (0.6.0)
      rack (>= 1.0)
    rspec (2.6.0)
      rspec-core (~> 2.6.0)
      rspec-expectations (~> 2.6.0)
      rspec-mocks (~> 2.6.0)
    rspec-core (2.6.4)
    rspec-expectations (2.6.0)
      diff-lcs (~> 1.1.2)
    rspec-mocks (2.6.0)
    rspec-rails (1.3.2)
      rack (>= 1.0.0)
      rspec (>= 1.3.0)
    rubyzip (0.9.4)
    sanitize (2.0.3)
      nokogiri (>= 1.4.4, < 1.6)
    sass (3.1.1)
    selenium-webdriver (2.1.0)
      childprocess (>= 0.1.9)
      ffi (>= 1.0.7)
      json_pure
      rubyzip
    treetop (1.4.9)
      polyglot (>= 0.3.1)
    tzinfo (0.3.29)
    uuid (2.3.2)
      macaddr (~> 1.0)
    will_paginate (2.3.15)

PLATFORMS
  ruby

DEPENDENCIES
  capybara (= 0.3.9)
  composite_primary_keys
  email_spec
  eol_scenarios
  escape
  ezcrypto
  factory_girl
  faker
  fastercsv
  haml (= 3.1.1)
  invert
  macaddr
  rspec
  rspec-rails
  sanitize
  sass (= 3.1.1)
  uuid
  will_paginate
